GEM
  remote: https://rubygems.org/
  specs:
    a (0.2.8)
    bigdecimal (3.1.8)
    gem (0.0.1.alpha)
    gem-compiler (0.9.0)
    gem-ctags (1.0.9)
    gem-empty (1.2.0)
    gem-helper (0.0.1)
    gem-licenses (0.2.2)
    gem-open (0.1.8)
    gem-patching (0.0.3)
    gem-path (0.7.0)
    gem-release (2.2.2)
    gem-wrappers (1.4.0)
    gem_bench (2.0.0)
      bundler (>= 1.14)
      version_gem (~> 1.1, >= 1.1.3)
    gem_config (0.3.2)
    gem_hadar (1.16.1)
      rake
      tins (~> 1.0)
      yard
    gem_liux1 (0.6.0)
    gem_plugin (0.2.3)
    gem_publisher (1.5.0)
    gem_tools (0.2.8)
    gem_update_checker (0.2.0)
    nokogiri (1.16.7-x86_64-linux)
      racc (~> 1.4)
    racc (1.8.1)
    rake (13.2.1)
    rexml (3.3.2)
      strscan
    ruby-progressbar (1.13.0)
    ruby-rc4 (0.1.5)
    ruby-saml (1.16.0)
      nokogiri (>= 1.13.10)
      rexml
    ruby_parser (3.21.1)
      racc (~> 1.5)
      sexp_processor (~> 4.16)
    sexp_processor (4.17.2)
    strscan (3.1.0)
    sync (0.5.0)
    tins (1.33.0)
      bigdecimal
      sync
    version_gem (1.1.4)
    yard (0.9.36)

PLATFORMS
  x86_64-linux

DEPENDENCIES
  a (= 0.2.8)
  gem (= 0.0.1.alpha)
  gem-compiler (= 0.9.0)
  gem-ctags (= 1.0.9)
  gem-empty (= 1.2.0)
  gem-helper (= 0.0.1)
  gem-licenses (= 0.2.2)
  gem-open (= 0.1.8)
  gem-patching (= 0.0.3)
  gem-path (= 0.7.0)
  gem-release (= 2.2.2)
  gem-wrappers (= 1.4.0)
  gem_bench (= 2.0.0)
  gem_config (= 0.3.2)
  gem_hadar (= 1.16.1)
  gem_liux1 (= 0.6.0)
  gem_plugin (= 0.2.3)
  gem_publisher (= 1.5.0)
  gem_tools (= 0.2.8)
  gem_update_checker (= 0.2.0)
  ruby-progressbar (= 1.13.0)
  ruby-rc4 (= 0.1.5)
  ruby-saml (= 1.16.0)
  ruby_parser (= 3.21.1)
  version_gem (= 1.1.4)

BUNDLED WITH
   2.3.27
