PATH
  remote: ..
  specs:
    ruby-enum (1.0.0)

GEM
  remote: http://rubygems.org/
  specs:
    diff-lcs (1.5.0)
    rake (13.1.0)
    rspec (3.12.0)
      rspec-core (~> 3.12.0)
      rspec-expectations (~> 3.12.0)
      rspec-mocks (~> 3.12.0)
    rspec-core (3.12.2)
      rspec-support (~> 3.12.0)
    rspec-expectations (3.12.3)
      diff-lcs (>= 1.2.0, < 2.0)
      rspec-support (~> 3.12.0)
    rspec-mocks (3.12.6)
      diff-lcs (>= 1.2.0, < 2.0)
      rspec-support (~> 3.12.0)
    rspec-support (3.12.1)

PLATFORMS
  arm64-darwin-22
  ruby

DEPENDENCIES
  rake
  rspec (~> 3.0)
  ruby-enum!

BUNDLED WITH
   2.5.1
